GEM
  remote: https://rubygems.org/
  specs:
    debase (0.2.4.1)
      debase-ruby_core_source (>= 0.10.2)
    debase-ruby_core_source (0.10.14)
    exec (0.0.3)
    rake (12.3.2)
    rexml (3.1.9)
    ruby-debug-ide (0.7.3)
      rake (>= 0.8.1)

PLATFORMS
  x86_64-darwin-19

DEPENDENCIES
  debase
  exec
  rexml
  ruby-debug-ide

BUNDLED WITH
   2.3.8
